PATH
  remote: .
  specs:
    cb-api (0.2.8)
      httparty (~> 0.11.0)
      json (~> 1.7.6)
      nori (~> 2.2.0)

GEM
  remote: http://rubygems.org/
  specs:
    activesupport (3.2.13)
      i18n (= 0.6.1)
      multi_json (~> 1.0)
    addressable (2.3.5)
    crack (0.4.1)
      safe_yaml (~> 0.9.0)
    diff-lcs (1.2.4)
    httparty (0.11.0)
      multi_json (~> 1.0)
      multi_xml (>= 0.5.2)
    i18n (0.6.1)
    json (1.7.7)
    multi_json (1.7.9)
    multi_xml (0.5.5)
    nokogiri (1.5.10)
    nori (2.2.0)
    rake (10.1.0)
    rspec (2.14.1)
      rspec-core (~> 2.14.0)
      rspec-expectations (~> 2.14.0)
      rspec-mocks (~> 2.14.0)
    rspec-core (2.14.5)
    rspec-expectations (2.14.2)
      diff-lcs (>= 1.1.3, < 2.0)
    rspec-mocks (2.14.3)
    safe_yaml (0.9.5)
    simplecov (0.7.1)
      multi_json (~> 1.0)
      simplecov-html (~> 0.7.1)
    simplecov-html (0.7.1)
    vcr (2.4.0)
    webmock (1.9.3)
      addressable (>= 2.2.7)
      crack (>= 0.3.2)

PLATFORMS
  ruby

DEPENDENCIES
  activesupport
  cb-api!
  json (~> 1.7.7)
  nokogiri (~> 1.5.9)
  rake (>= 0.8.7)
  rspec (>= 2.11)
  simplecov (>= 0.7.1)
  vcr (~> 2.4.0)
  webmock (~> 1.9.0)
